RESTRICTION: == netcoreapp2.1
NUGET
  remote: https://www.nuget.org/api/v2
    FsCheck (2.11)
      FSharp.Core (>= 4.3.4)
      NETStandard.Library (>= 1.6.1)
      System.ValueTuple (>= 4.5)
    FsCheck.Xunit (2.11)
      FsCheck (>= 2.11)
      FSharp.Core (>= 4.3.4)
      NETStandard.Library (>= 1.6.1)
      System.ValueTuple (>= 4.5)
      xunit.abstractions (>= 2.0.1)
      xunit.core (>= 2.2)
    FSharp.Core (4.5.2)
    Microsoft.NETCore.Platforms (2.1.1)
    NETStandard.Library (2.0.3)
      Microsoft.NETCore.Platforms (>= 1.1)
    System.ValueTuple (4.5)
    xunit (2.4)
      xunit.analyzers (>= 0.10)
      xunit.assert (2.4)
      xunit.core (2.4)
    xunit.abstractions (2.0.3)
    xunit.analyzers (0.10)
    xunit.assert (2.4)
    xunit.core (2.4)
      xunit.extensibility.core (2.4)
      xunit.extensibility.execution (2.4)
    xunit.extensibility.core (2.4)
      xunit.abstractions (>= 2.0.2)
    xunit.extensibility.execution (2.4)
      xunit.extensibility.core (2.4)
